GEM
  remote: https://rubygems.org/
  specs:
    activesupport (6.1.7.3)
      concurrent-ruby (~> 1.0, >= 1.0.2)
      i18n (>= 1.6, < 2)
      minitest (>= 5.1)
      tzinfo (~> 2.0)
      zeitwerk (~> 2.3)
    concurrent-ruby (1.2.2)
    i18n (1.12.0)
      concurrent-ruby (~> 1.0)
    minitest (5.18.0)
    sorbet-runtime (0.5.6514)
    tzinfo (2.0.6)
      concurrent-ruby (~> 1.0)
    zeitwerk (2.6.7)

PLATFORMS
  x86_64-darwin-20
  x86_64-linux

DEPENDENCIES
  activesupport (~> 6.1.7)
  sorbet-runtime

RUBY VERSION
   ruby 2.7.2p137

BUNDLED WITH
   2.2.22
